GEM
  remote: http://rubygems.org/
  specs:
    minitest (2.10.0)
    pg (0.12.2)
    rack (1.4.0)
    rack-protection (1.2.0)
      rack
    rack-test (0.6.1)
      rack (>= 1.0)
    rake (0.9.2.2)
    sinatra (1.3.2)
      rack (~> 1.3, >= 1.3.6)
      rack-protection (~> 1.2)
      tilt (~> 1.3, >= 1.3.3)
    tilt (1.3.3)

PLATFORMS
  ruby

DEPENDENCIES
  minitest
  pg
  rack
  rack-test
  rake
  sinatra
